GEM
  remote: http://rubygems.org/
  specs:
    git (1.2.5)
    github-markup (0.5.3)
    jeweler (1.6.4)
      bundler (~> 1.0)
      git (>= 1.2.5)
      rake
    rake (13.0.1)
    redcarpet (~>3.5.1)

PLATFORMS
  ruby

DEPENDENCIES
  bundler (~> 1.0.0)
  github-markup
  jeweler (~> 1.6.4)
  redcarpet
