GEM
  remote: http://rubygems.org/
  specs:
    github-markup (0.5.3)
    redcarpet (1.17.2)

PLATFORMS
  ruby

DEPENDENCIES
  github-markup
  redcarpet
