GEM
  remote: http://rubygems.org/
  specs:
    addressable (2.8.1)
      public_suffix (>= 2.0.2, < 6.0)
    git (1.13.1)
      addressable (~> 2.8)
      rchardet (~> 1.8)
    github-markup (0.5.3)
    jeweler (1.6.4)
      bundler (~> 1.0)
      git (>= 1.2.5)
      rake
    public_suffix (5.0.1)
    rake (13.0.1)
    rchardet (1.8.0)
    redcarpet (3.5.1)

PLATFORMS
  ruby

DEPENDENCIES
  bundler (~> 1.0.0)
  github-markup
  jeweler (~> 1.6.4)
  redcarpet
